GEM
  remote: https://rubygems.org/
  specs:
    activesupport (6.1.3)
      concurrent-ruby (~> 1.0, >= 1.0.2)
      i18n (>= 1.6, < 2)
      minitest (>= 5.1)
      tzinfo (~> 2.0)
      zeitwerk (~> 2.3)
    concurrent-ruby (1.1.9)
    connection_pool (2.2.5)
    faraday (1.3.0)
      faraday-net_http (~> 1.0)
      multipart-post (>= 1.2, < 3)
      ruby2_keywords
    faraday-net_http (1.0.1)
    foreman (0.84.0)
      thor (~> 0.19.1)
    govuk_app_config (2.8.4)
      logstasher (>= 1.2.2, < 2.2.0)
      sentry-raven (~> 3.1.1)
      statsd-ruby (~> 1.5.0)
      unicorn (>= 5.4, < 5.9)
    i18n (1.8.9)
      concurrent-ruby (~> 1.0)
    kgio (2.11.3)
    logstasher (2.1.5)
      activesupport (>= 5.2)
      request_store
    minitest (5.14.4)
    multipart-post (2.1.1)
    mustermann (1.0.3)
    rack (2.1.4)
    rack-protection (2.0.2)
      rack
    raindrops (0.19.1)
    redis (4.5.1)
    redis-namespace (1.6.0)
      redis (>= 3.0.4)
    request_store (1.5.0)
      rack (>= 1.4)
    ruby2_keywords (0.0.4)
    sentry-raven (3.1.1)
      faraday (>= 1.0)
    sidekiq (6.4.0)
      connection_pool (>= 2.2.2)
      rack (~> 2.0)
      redis (>= 4.2.0)
    sinatra (2.0.2)
      mustermann (~> 1.0)
      rack (~> 2.0)
      rack-protection (= 2.0.2)
      tilt (~> 2.0)
    statsd-ruby (1.5.0)
    thor (0.19.4)
    tilt (2.0.10)
    tzinfo (2.0.4)
      concurrent-ruby (~> 1.0)
    unicorn (5.8.0)
      kgio (~> 2.6)
      raindrops (~> 0.7)
    zeitwerk (2.4.2)

PLATFORMS
  ruby

DEPENDENCIES
  foreman
  govuk_app_config
  rack
  redis-namespace
  sidekiq
  sinatra

BUNDLED WITH
   2.1.4
