GEM
  remote: https://rubygems.org/
  specs:
    activesupport (7.0.3.1)
      concurrent-ruby (~> 1.0, >= 1.0.2)
      i18n (>= 1.6, < 2)
      minitest (>= 5.1)
      tzinfo (~> 2.0)
    addressable (2.8.0)
      public_suffix (>= 2.0.2, < 5.0)
    concurrent-ruby (1.1.10)
    connection_pool (2.2.5)
    domain_name (0.5.20190701)
      unf (>= 0.0.5, < 1.0.0)
    faraday (1.3.0)
      faraday-net_http (~> 1.0)
      multipart-post (>= 1.2, < 3)
      ruby2_keywords
    faraday-net_http (1.0.1)
    foreman (0.84.0)
      thor (~> 0.19.1)
    gds-api-adapters (79.1.2)
      addressable
      link_header
      null_logger
      plek (>= 1.9.0)
      rest-client (~> 2.0)
    govuk_app_config (2.8.4)
      logstasher (>= 1.2.2, < 2.2.0)
      sentry-raven (~> 3.1.1)
      statsd-ruby (~> 1.5.0)
      unicorn (>= 5.4, < 5.9)
    govuk_sidekiq (5.0.0)
      gds-api-adapters (>= 19.1.0)
      govuk_app_config (>= 1.1)
      redis-namespace (~> 1.6)
      sidekiq (>= 5, < 6)
      sidekiq-logging-json (~> 0.0)
      sidekiq-statsd (>= 2.1)
    http-accept (1.7.0)
    http-cookie (1.0.4)
      domain_name (~> 0.5)
    i18n (1.11.0)
      concurrent-ruby (~> 1.0)
    kgio (2.11.3)
    link_header (0.0.8)
    logstasher (2.1.5)
      activesupport (>= 5.2)
      request_store
    mime-types (3.4.1)
      mime-types-data (~> 3.2015)
    mime-types-data (3.2022.0105)
    minitest (5.16.2)
    multipart-post (2.1.1)
    mustermann (1.0.3)
    netrc (0.11.0)
    null_logger (0.0.1)
    plek (4.0.0)
    public_suffix (4.0.7)
    rack (2.1.4.1)
    rack-protection (2.0.2)
      rack
    raindrops (0.19.1)
    redis (4.5.1)
    redis-namespace (1.6.0)
      redis (>= 3.0.4)
    request_store (1.5.0)
      rack (>= 1.4)
    rest-client (2.1.0)
      http-accept (>= 1.7.0, < 2.0)
      http-cookie (>= 1.0.2, < 2.0)
      mime-types (>= 1.16, < 4.0)
      netrc (~> 0.8)
    ruby2_keywords (0.0.4)
    sentry-raven (3.1.1)
      faraday (>= 1.0)
    sidekiq (5.2.10)
      connection_pool (~> 2.2, >= 2.2.2)
      rack (~> 2.0)
      rack-protection (>= 1.5.0)
      redis (~> 4.5, < 4.6.0)
    sidekiq-logging-json (0.0.19)
      sidekiq (>= 3)
    sidekiq-statsd (2.1.0)
      activesupport
      sidekiq (>= 3.3.1)
    sinatra (2.0.2)
      mustermann (~> 1.0)
      rack (~> 2.0)
      rack-protection (= 2.0.2)
      tilt (~> 2.0)
    statsd-ruby (1.5.0)
    thor (0.19.4)
    tilt (2.0.10)
    tzinfo (2.0.4)
      concurrent-ruby (~> 1.0)
    unf (0.1.4)
      unf_ext
    unf_ext (0.0.8.1)
    unicorn (5.8.0)
      kgio (~> 2.6)
      raindrops (~> 0.7)
    webrick (1.7.0)

PLATFORMS
  ruby

DEPENDENCIES
  foreman
  govuk_app_config
  govuk_sidekiq
  rack
  redis-namespace
  sinatra
  webrick

BUNDLED WITH
   2.1.4
